PATH
  remote: .
  specs:
    virtualmaster (0.1.4)
      commander (~> 4.1.2)
      deltacloud-client (~> 0.5.0)
      net-ssh (~> 2.3.0)
      terminal-table (~> 1.4.4)

GEM
  remote: http://rubygems.org/
  specs:
    commander (4.1.2)
      highline (~> 1.6.11)
    deltacloud-client (0.5.0)
      nokogiri (>= 1.4.3)
      rest-client (>= 1.6.1)
    diff-lcs (1.1.3)
    highline (1.6.11)
    mime-types (1.18)
    net-ssh (2.3.0)
    nokogiri (1.5.2)
    rest-client (1.6.7)
      mime-types (>= 1.16)
    rspec (2.9.0)
      rspec-core (~> 2.9.0)
      rspec-expectations (~> 2.9.0)
      rspec-mocks (~> 2.9.0)
    rspec-core (2.9.0)
    rspec-expectations (2.9.1)
      diff-lcs (~> 1.1.3)
    rspec-mocks (2.9.0)
    terminal-table (1.4.5)

PLATFORMS
  ruby

DEPENDENCIES
  rspec (~> 2)
  virtualmaster!
